GEM
  remote: https://rubygems.org/
  specs:
    activesupport (5.2.8.1)
      concurrent-ruby (~> 1.0, >= 1.0.2)
      i18n (>= 0.7, < 2)
      minitest (~> 5.1)
      tzinfo (~> 1.1)
    addressable (2.8.5)
      public_suffix (>= 2.0.2, < 6.0)
    celluloid (0.17.4)
      celluloid-essentials
      celluloid-extras
      celluloid-fsm
      celluloid-pool
      celluloid-supervision
      timers (>= 4.1.1)
    celluloid-essentials (0.20.5)
      timers (>= 4.1.1)
    celluloid-extras (0.20.5)
      timers (>= 4.1.1)
    celluloid-fsm (0.20.5)
      timers (>= 4.1.1)
    celluloid-pool (0.20.5)
      timers (>= 4.1.1)
    celluloid-supervision (0.20.6)
      timers (>= 4.1.1)
    concurrent-ruby (1.2.2)
    crack (0.4.5)
      rexml
    daemons (1.4.1)
    data_objects (0.10.17)
      addressable (~> 2.1)
    dm-aggregates (1.2.0)
      dm-core (~> 1.2.0)
    dm-core (1.2.1)
      addressable (~> 2.3)
    dm-do-adapter (1.2.0)
      data_objects (~> 0.10.6)
      dm-core (~> 1.2.0)
    dm-migrations (1.2.0)
      dm-core (~> 1.2.0)
    dm-mysql-adapter (1.2.0)
      dm-do-adapter (~> 1.2.0)
      do_mysql (~> 0.10.6)
    dm-pager (1.1.0)
      dm-aggregates (>= 0.10.1)
      dm-core (>= 0.10.1)
    dm-timestamps (1.2.0)
      dm-core (~> 1.2.0)
    do_mysql (0.10.17)
      data_objects (= 0.10.17)
    domain_name (0.5.20190701)
      unf (>= 0.0.5, < 1.0.0)
    erubis (2.7.0)
    eventmachine (1.2.7)
    hashdiff (1.0.1)
    hashie (5.0.0)
    http-accept (1.7.0)
    http-cookie (1.0.5)
      domain_name (~> 0.5)
    httparty (0.21.0)
      mini_mime (>= 1.0.0)
      multi_xml (>= 0.5.2)
    i18n (1.14.1)
      concurrent-ruby (~> 1.0)
    json (2.6.3)
    jwt (2.3.0)
    kgio (2.11.4)
    libxml-ruby (2.9.0)
    mime-types (3.5.1)
      mime-types-data (~> 3.2015)
    mime-types-data (3.2023.0808)
    mini_mime (1.1.2)
    minitest (5.15.0)
    multi_json (1.15.0)
    multi_xml (0.6.0)
    mustermann (2.0.2)
      ruby2_keywords (~> 0.0.1)
    mysql2 (0.4.2)
    netrc (0.11.0)
    public_suffix (4.0.7)
    rack (2.2.8)
    rack-protection (2.2.4)
      rack
    rainbows (5.2.1)
      kgio (~> 2.5)
      rack (>= 1.1, < 3.0)
      unicorn (~> 5.1)
    raindrops (0.20.1)
    rake (13.0.6)
    ratom (0.9.0)
      libxml-ruby (~> 2.6)
    redis (4.8.1)
    rest-client (2.1.0)
      http-accept (>= 1.7.0, < 2.0)
      http-cookie (>= 1.0.2, < 2.0)
      mime-types (>= 1.16, < 4.0)
      netrc (~> 0.8)
    rexml (3.2.5)
    ruby2_keywords (0.0.5)
    shotgun (0.9.2)
      rack (>= 1.0)
    sinatra (2.2.4)
      mustermann (~> 2.0)
      rack (~> 2.2)
      rack-protection (= 2.2.4)
      tilt (~> 2.0)
    sinatra-contrib (2.2.4)
      multi_json
      mustermann (~> 2.0)
      rack-protection (= 2.2.4)
      sinatra (= 2.2.4)
      tilt (~> 2.0)
    sinatra-namespace (1.0)
      sinatra-contrib
    sinatra-support (1.2.2)
      sinatra (>= 1.0)
    sucker_punch (1.6.0)
      celluloid (~> 0.17.2)
    thin (1.8.2)
      daemons (~> 1.0, >= 1.0.9)
      eventmachine (~> 1.0, >= 1.0.4)
      rack (>= 1, < 3)
    thread_safe (0.3.6)
    tilt (2.2.0)
    timers (4.3.5)
    tzinfo (1.2.11)
      thread_safe (~> 0.1)
    unf (0.1.4)
      unf_ext
    unf_ext (0.0.8.2)
    unicorn (5.8.0)
      kgio (~> 2.6)
      raindrops (~> 0.7)
    webmock (3.18.1)
      addressable (>= 2.8.0)
      crack (>= 0.3.2)
      hashdiff (>= 0.4.0, < 2.0.0)
    webrick (1.8.1)
    xmlrpc (0.3.3)
      webrick

PLATFORMS
  ruby

DEPENDENCIES
  activesupport
  dm-aggregates
  dm-core
  dm-migrations
  dm-mysql-adapter
  dm-pager
  dm-timestamps
  erubis
  hashie
  httparty
  json (> 2.0.0)
  jwt
  minitest
  mysql2 (= 0.4.2)
  rainbows
  rake
  ratom
  redis
  rest-client
  shotgun
  sinatra
  sinatra-namespace
  sinatra-support
  sucker_punch (~> 1.0)
  thin
  webmock
  xmlrpc

BUNDLED WITH
   1.16.1
